GEM
  remote: http://rubygems.org/
  specs:
    battlenet (1.4.0)
      httparty
    bootstrap-sass (2.2.2.0)
      sass (~> 3.2)
    chunky_png (1.2.7)
    compass (0.12.2)
      chunky_png (~> 1.2)
      fssm (>= 0.2.7)
      sass (~> 3.1)
    fssm (0.2.10)
    haml (3.1.7)
    httparty (0.10.2)
      multi_json (~> 1.0)
      multi_xml (>= 0.5.2)
    json (1.7.6)
    multi_json (1.6.0)
    multi_xml (0.5.3)
    rack (1.5.1)
    rack-protection (1.3.2)
      rack
    rake (10.0.3)
    sass (3.2.5)
    shotgun (0.9)
      rack (>= 1.0)
    sinatra (1.3.4)
      rack (~> 1.4)
      rack-protection (~> 1.3)
      tilt (~> 1.3, >= 1.3.3)
    tilt (1.3.3)

PLATFORMS
  ruby

DEPENDENCIES
  battlenet
  bootstrap-sass
  compass
  haml
  json
  rake
  sass
  shotgun
  sinatra
